GEM
  remote: https://rubygems.org/
  specs:
    addressable (2.3.8)
    dotenv (2.0.1)
    http (0.8.4)
      addressable (~> 2.3)
      http-form_data (~> 1.0.1)
      http_parser.rb (~> 0.6.0)
    http-form_data (1.0.1)
    http_parser.rb (0.6.0)

PLATFORMS
  ruby

DEPENDENCIES
  dotenv
  http
